GEM
  remote: https://rubygems.org/
  specs:
    chunky_png (1.4.0)
    pixelart (0.2.2)
      chunky_png

PLATFORMS
  ruby

DEPENDENCIES
  pixelart

BUNDLED WITH
   2.1.4
