GEM
  remote: https://rubygems.org/
  specs:
    chunky_png (1.4.0)
    cryptopunks (1.2.1)
      csvreader
      pixelart
    csvjson (1.0.1)
    csvreader (1.2.4)
      csvjson (>= 1.0.0)
      csvyaml (>= 0.1.0)
      tabreader (>= 1.0.1)
    csvyaml (1.0.0)
    pixelart (0.2.2)
      chunky_png
    tabreader (1.0.1)

PLATFORMS
  ruby

DEPENDENCIES
  cryptopunks
  pixelart

BUNDLED WITH
   2.1.4
